GEM
  remote: https://rubygems.org/
  specs:
    jwt (1.5.6)
    multi_json (1.12.1)
    mustermann (1.0.0)
    puma (3.9.1-java)
    rack (2.0.3)
    rack-protection (2.0.0)
      rack
    rails_12factor (0.0.3)
      rails_serve_static_assets
      rails_stdout_logging
    rails_serve_static_assets (0.0.5)
    rails_stdout_logging (0.0.5)
    rake (12.0.0)
    rollbar (2.15.0)
      multi_json
    sinatra (2.0.0)
      mustermann (~> 1.0)
      rack (~> 2.0)
      rack-protection (= 2.0.0)
      tilt (~> 2.0)
    tilt (2.0.8)

PLATFORMS
  java

DEPENDENCIES
  jwt (~> 1.5.6)
  puma (~> 3.8)
  rails_12factor (~> 0.0.3)
  rake (~> 12.0.0)
  rollbar (~> 2.14)
  sinatra (~> 2.0)

RUBY VERSION
   ruby 2.3.3p0 (jruby 9.1.12.0)

BUNDLED WITH
   1.15.1
